PATH
  remote: .
  specs:
    zyps (0.8.0)

GEM
  remote: http://rubygems.org/
  specs:
    diff-lcs (1.1.2)
    growl (1.0.3)
    guard (0.5.1)
      thor (~> 0.14.6)
    guard-rspec (0.4.0)
      guard (>= 0.4.0)
    rb-fsevent (0.4.1)
    rcov (0.9.9)
    rspec (2.6.0)
      rspec-core (~> 2.6.0)
      rspec-expectations (~> 2.6.0)
      rspec-mocks (~> 2.6.0)
    rspec-core (2.6.4)
    rspec-expectations (2.6.0)
      diff-lcs (~> 1.1.2)
    rspec-mocks (2.6.0)
    thor (0.14.6)

PLATFORMS
  ruby

DEPENDENCIES
  growl
  guard-rspec
  rb-fsevent
  rcov (~> 0.9.9)
  rspec (~> 2.6.0)
  zyps!
